GEM
  remote: https://rubygems.org/
  specs:
    colored (1.2)
    retries (0.0.5)
    trollop (2.0)
    whois (3.2.0)

PLATFORMS
  ruby

DEPENDENCIES
  colored
  retries
  trollop
  whois
